GEM
  remote: https://rubygems.org/
  specs:
    beeps (0.3.4)
      rucy (~> 0.3.4, >= 0.3.4)
      xot (~> 0.3.4, >= 0.3.4)
    processing (1.1.6)
      rays (~> 0.3.4, >= 0.3.4)
      reflexion (~> 0.3.4, >= 0.3.4)
      rexml
      rucy (~> 0.3.4, >= 0.3.4)
      xot (~> 0.3.4, >= 0.3.4)
    rake (13.2.1)
    rays (0.3.4)
      rucy (~> 0.3.4, >= 0.3.4)
      xot (~> 0.3.4, >= 0.3.4)
    reflexion (0.3.4)
      rays (~> 0.3.4, >= 0.3.4)
      rucy (~> 0.3.4, >= 0.3.4)
      xot (~> 0.3.4, >= 0.3.4)
    reight (0.1.7)
      beeps (~> 0.3.4, >= 0.3.4)
      processing (~> 1.1, >= 1.1.6)
      rays (~> 0.3.4, >= 0.3.4)
      reflexion (~> 0.3.4, >= 0.3.4)
      rubysketch (~> 0.7.7, >= 0.7.7)
      rucy (~> 0.3.4, >= 0.3.4)
      xot (~> 0.3.4, >= 0.3.4)
    rexml (3.4.1)
    rubysketch (0.7.7)
      beeps (~> 0.3.4, >= 0.3.4)
      processing (~> 1.1, >= 1.1.6)
      rays (~> 0.3.4, >= 0.3.4)
      reflexion (~> 0.3.4, >= 0.3.4)
      rucy (~> 0.3.4, >= 0.3.4)
      xot (~> 0.3.4, >= 0.3.4)
    rucy (0.3.4)
      xot (~> 0.3.4, >= 0.3.4)
    xot (0.3.4)

PLATFORMS
  arm64-darwin-23

DEPENDENCIES
  rake
  reight

BUNDLED WITH
   2.4.19
