GEM
  remote: https://rubygems.org/
  specs:
    beeps (0.3.5)
      rucy (~> 0.3.5, >= 0.3.5)
      xot (~> 0.3.5, >= 0.3.5)
    processing (1.1.7)
      rays (~> 0.3.5, >= 0.3.5)
      reflexion (~> 0.3.5, >= 0.3.5)
      rexml
      rucy (~> 0.3.5, >= 0.3.5)
      xot (~> 0.3.5, >= 0.3.5)
    rake (13.2.1)
    rays (0.3.5)
      rucy (~> 0.3.5, >= 0.3.5)
      xot (~> 0.3.5, >= 0.3.5)
    reflexion (0.3.5)
      rays (~> 0.3.5, >= 0.3.5)
      rucy (~> 0.3.5, >= 0.3.5)
      xot (~> 0.3.5, >= 0.3.5)
    reight (0.1.8)
      beeps (~> 0.3.5, >= 0.3.5)
      processing (~> 1.1, >= 1.1.7)
      rays (~> 0.3.5, >= 0.3.5)
      reflexion (~> 0.3.5, >= 0.3.5)
      rubysketch (~> 0.7.8, >= 0.7.8)
      rucy (~> 0.3.5, >= 0.3.5)
      xot (~> 0.3.5, >= 0.3.5)
    rexml (3.4.1)
    rubysketch (0.7.8)
      beeps (~> 0.3.5, >= 0.3.5)
      processing (~> 1.1, >= 1.1.7)
      rays (~> 0.3.5, >= 0.3.5)
      reflexion (~> 0.3.5, >= 0.3.5)
      rucy (~> 0.3.5, >= 0.3.5)
      xot (~> 0.3.5, >= 0.3.5)
    rucy (0.3.5)
      xot (~> 0.3.5, >= 0.3.5)
    xot (0.3.5)

PLATFORMS
  arm64-darwin-23

DEPENDENCIES
  rake
  reight

BUNDLED WITH
   2.4.19
