GEM
  remote: https://rubygems.org/
  specs:
    beeps (0.3.8)
      rucy (~> 0.3.8, >= 0.3.8)
      xot (~> 0.3.8, >= 0.3.8)
    processing (1.1.12)
      rays (~> 0.3.8, >= 0.3.8)
      reflexion (~> 0.3.9, >= 0.3.9)
      rexml
      rucy (~> 0.3.8, >= 0.3.8)
      xot (~> 0.3.8, >= 0.3.8)
    rake (13.2.1)
    rays (0.3.8)
      rucy (~> 0.3.8, >= 0.3.8)
      xot (~> 0.3.8, >= 0.3.8)
    reflexion (0.3.9)
      rays (~> 0.3.8, >= 0.3.8)
      rucy (~> 0.3.8, >= 0.3.8)
      xot (~> 0.3.8, >= 0.3.8)
    reight (0.1.12)
      beeps (~> 0.3.8, >= 0.3.8)
      processing (~> 1.1, >= 1.1.12)
      rays (~> 0.3.8, >= 0.3.8)
      reflexion (~> 0.3.9, >= 0.3.9)
      rubysketch (~> 0.7.13, >= 0.7.13)
      rucy (~> 0.3.8, >= 0.3.8)
      xot (~> 0.3.8, >= 0.3.8)
    rexml (3.4.1)
    rubysketch (0.7.13)
      beeps (~> 0.3.8, >= 0.3.8)
      processing (~> 1.1, >= 1.1.12)
      rays (~> 0.3.8, >= 0.3.8)
      reflexion (~> 0.3.9, >= 0.3.9)
      rucy (~> 0.3.8, >= 0.3.8)
      xot (~> 0.3.8, >= 0.3.8)
    rucy (0.3.8)
      xot (~> 0.3.8, >= 0.3.8)
    xot (0.3.8)

PLATFORMS
  arm64-darwin-23

DEPENDENCIES
  rake
  reight

BUNDLED WITH
   2.6.9
