GEM
  remote: https://rubygems.org/
  specs:
    beeps (0.3.2)
      rucy (~> 0.3.2, >= 0.3.2)
      xot (~> 0.3.2, >= 0.3.2)
    processing (1.1.2)
      rays (~> 0.3.2, >= 0.3.2)
      reflexion (~> 0.3.2, >= 0.3.2)
      rexml
      rucy (~> 0.3.2, >= 0.3.2)
      xot (~> 0.3.2, >= 0.3.2)
    rake (13.2.1)
    rays (0.3.2)
      rucy (~> 0.3.2, >= 0.3.2)
      xot (~> 0.3.2, >= 0.3.2)
    reflexion (0.3.2)
      beeps (~> 0.3.2, >= 0.3.2)
      rays (~> 0.3.2, >= 0.3.2)
      rucy (~> 0.3.2, >= 0.3.2)
      xot (~> 0.3.2, >= 0.3.2)
    reight (0.1.3)
      beeps (~> 0.3.2, >= 0.3.2)
      processing (~> 1.1, >= 1.1.2)
      rays (~> 0.3.2, >= 0.3.2)
      reflexion (~> 0.3.2, >= 0.3.2)
      rubysketch (~> 0.7.3, >= 0.7.3)
      rucy (~> 0.3.2, >= 0.3.2)
      xot (~> 0.3.2, >= 0.3.2)
    rexml (3.4.0)
    rubysketch (0.7.3)
      beeps (~> 0.3.2, >= 0.3.2)
      processing (~> 1.1, >= 1.1.2)
      rays (~> 0.3.2, >= 0.3.2)
      reflexion (~> 0.3.2, >= 0.3.2)
      rucy (~> 0.3.2, >= 0.3.2)
      xot (~> 0.3.2, >= 0.3.2)
    rucy (0.3.2)
      xot (~> 0.3.2, >= 0.3.2)
    xot (0.3.2)

PLATFORMS
  arm64-darwin-23

DEPENDENCIES
  rake
  reight

BUNDLED WITH
   2.4.19
